PATH
  remote: .
  specs:
    shoes (3.0.1)
      chipmunk
      hpricot
      json
      redcarpet
      sqlite3

GEM
  remote: http://rubygems.org/
  specs:
    chipmunk (5.3.4.5)
    hpricot (0.8.6)
    json (1.6.5)
    mechanize (1.0.0)
      nokogiri (>= 1.2.1)
    nokogiri (1.4.4)
    rake (0.8.7)
    rake-compiler (0.7.6)
      rake
    redcarpet (2.1.0)
    sqlite3 (1.3.5)

PLATFORMS
  ruby

DEPENDENCIES
  mechanize
  rake-compiler
  shoes!
