GEM
  remote: http://rubygems.org/
  specs:
    mechanize (1.0.0)
      nokogiri (>= 1.2.1)
    nokogiri (1.4.4)
    rake (0.8.7)
    rake-compiler (0.7.6)
      rake

PLATFORMS
  ruby

DEPENDENCIES
  mechanize
  rake-compiler
