PATH
  remote: .
  specs:
    shoes (3.0.1)
      chipmunk
      hpricot
      json
      sqlite3

GEM
  remote: http://rubygems.org/
  specs:
    chipmunk (5.2.2)
    hpricot (0.8.4)
    json (1.5.1)
    mechanize (1.0.0)
      nokogiri (>= 1.2.1)
    nokogiri (1.4.4)
    rake (0.8.7)
    rake-compiler (0.7.6)
      rake
    sqlite3 (1.3.3)

PLATFORMS
  ruby

DEPENDENCIES
  mechanize
  rake-compiler
  shoes!
